GEM
  remote: https://rubygems.org/
  specs:
    awesome_print (1.7.0)
    mrdialog (1.0.3)
    rake (12.3.3)

PLATFORMS
  ruby

DEPENDENCIES
  awesome_print
  mrdialog
  rake

BUNDLED WITH
   1.14.6
