GEM
  remote: https://rubygems.org/
  specs:
    awesome_print (1.7.0)
    rake (12.0.0)

PLATFORMS
  ruby

DEPENDENCIES
  awesome_print
  rake

BUNDLED WITH
   1.14.6
